GIT
  remote: https://github.com/planio-gmbh/dav4rack.git
  revision: ec491dccab4bcfa846bb4616c7177fb09819981c
  branch: redmine-storage
  specs:
    dav4rack (0.3.0)
      nokogiri (>= 1.4.2)
      ox (>= 2.1.0)
      rack (>= 1.1.0)
      uuidtools (~> 2.1.1)

GEM
  remote: https://rubygems.org/
  specs:
    acme-client (0.6.1)
      faraday (~> 0.9, >= 0.9.1)
    activesupport (5.1.4)
      concurrent-ruby (~> 1.0, >= 1.0.2)
      i18n (~> 0.7)
      minitest (~> 5.1)
      tzinfo (~> 1.1)
    addressable (2.5.2)
      public_suffix (>= 2.0.2, < 4.0)
    annoy (0.5.6)
      highline (>= 1.5.0)
    ansi (1.5.0)
    base32 (0.3.2)
    bcrypt (3.1.11)
    blankslate (3.1.3)
    builder (3.2.3)
    byebug (9.1.0)
    capybara (2.16.1)
      addressable
      mini_mime (>= 0.1.3)
      nokogiri (>= 1.3.3)
      rack (>= 1.0.0)
      rack-test (>= 0.5.4)
      xpath (~> 2.0)
    capybara_minitest_spec (1.0.6)
      capybara (>= 2)
      minitest (>= 4)
    certified (1.0.0)
    climate_control (0.2.0)
    cliver (0.3.2)
    cocaine (0.5.8)
      climate_control (>= 0.0.3, < 1.0)
    coderay (1.1.2)
    concurrent-ruby (1.0.5)
    connection_pool (2.2.1)
    coveralls (0.7.1)
      multi_json (~> 1.3)
      rest-client
      simplecov (>= 0.7)
      term-ansicolor
      thor
    crack (0.4.3)
      safe_yaml (~> 1.0.0)
    crass (1.0.3)
    dante (0.2.0)
    docile (1.1.5)
    domain_name (0.5.20170404)
      unf (>= 0.0.5, < 1.0.0)
    drydock (0.6.9)
    erubis (2.7.0)
    exifr (1.3.3)
    fabrication (2.18.0)
    facter (2.5.1)
    faker (1.8.5)
      i18n (~> 0.9.1)
    faraday (0.13.1)
      multipart-post (>= 1.2, < 3)
    faraday_middleware (0.12.2)
      faraday (>= 0.7.4, < 1.0)
    feedjira (2.1.2)
      faraday (>= 0.9)
      faraday_middleware (>= 0.9)
      loofah (>= 2.0)
      sax-machine (>= 1.0)
    ffi (1.9.18)
    filesize (0.1.1)
    fspath (3.1.0)
    gandi (3.3.27)
      hashie
    geoip (1.6.3)
    hashdiff (0.3.7)
    hashie (3.5.6)
    highline (1.7.10)
    hiredis (0.6.1)
    hoe (3.14.2)
      rake (>= 0.8, < 11.0)
    htmlentities (4.3.4)
    http (3.0.0)
      addressable (~> 2.3)
      http-cookie (~> 1.0)
      http-form_data (>= 2.0.0.pre.pre2, < 3)
      http_parser.rb (~> 0.6.0)
    http-cookie (1.0.3)
      domain_name (~> 0.5)
    http-form_data (2.0.0)
    http_parser.rb (0.6.0)
    i18n (0.9.1)
      concurrent-ruby (~> 1.0)
    image_optim (0.26.0)
      exifr (~> 1.2, >= 1.2.2)
      fspath (~> 3.0)
      image_size (~> 1.5)
      in_threads (~> 1.3)
      progress (~> 3.0, >= 3.0.1)
    image_optim_pack (0.5.0.20171208)
      fspath (>= 2.1, < 4)
      image_optim (~> 0.19)
    image_size (1.5.0)
    in_threads (1.5.0)
    io-extra (1.2.8)
    ipaddress (0.8.3)
    jimson-temp (0.9.4)
      blankslate (>= 3.1.2)
      multi_json (>= 1.7.6)
      rack (>= 1.4.5)
      rest-client (>= 1.6.7)
    json (1.8.6)
    loofah (2.1.1)
      crass (~> 1.0.2)
      nokogiri (>= 1.5.9)
    m (1.5.1)
      method_source (>= 0.6.7)
      rake (>= 0.9.2.2)
    magic (0.2.9)
      ffi (>= 0.6.3)
    mail (2.7.0)
      mini_mime (>= 0.1.1)
    metaclass (0.0.4)
    method_source (0.9.0)
    mime-types (2.99.3)
    mini_mime (1.0.0)
    mini_portile2 (2.3.0)
    minitest (5.10.3)
    minitest-reporters (1.1.19)
      ansi
      builder
      minitest (>= 5.0)
      ruby-progressbar
    mocha (1.3.0)
      metaclass (~> 0.0.1)
    mock_redis (0.17.3)
    monetize (1.7.0)
      money (~> 6.9)
    money (6.10.0)
      i18n (>= 0.6.4, < 1.0)
    msgpack (1.2.0)
    multi_json (1.12.2)
    multipart-post (2.0.0)
    mustermann (1.0.1)
    net-scp (1.2.1)
      net-ssh (>= 2.6.5)
    net-ssh (4.2.0)
    netrc (0.11.0)
    nokogiri (1.8.1)
      mini_portile2 (~> 2.3.0)
    nokogumbo (1.4.13)
      nokogiri
    ox (2.8.2)
    paypal-recurring (1.1.0)
    pg (0.21.0)
    poltergeist (1.16.0)
      capybara (~> 2.1)
      cliver (~> 0.3.1)
      websocket-driver (>= 0.2.0)
    progress (3.4.0)
    pry (0.11.3)
      coderay (~> 1.1.0)
      method_source (~> 0.9.0)
    pry-byebug (3.5.1)
      byebug (~> 9.1)
      pry (~> 0.10)
    public_suffix (3.0.1)
    puma (3.11.0)
    rack (2.0.3)
    rack-cache (1.7.1)
      rack (>= 0.4)
    rack-protection (2.0.0)
      rack
    rack-recaptcha (0.6.6)
      json
    rack-test (0.8.2)
      rack (>= 1.0, < 3)
    rack_session_access (0.1.1)
      builder (>= 2.0.0)
      rack (>= 1.0.0)
    rake (10.5.0)
    rb-fsevent (0.10.2)
    rb-inotify (0.9.10)
      ffi (>= 0.5.0, < 2)
    redis (3.3.5)
    redis-namespace (1.6.0)
      redis (>= 3.0.4)
    rest-client (1.8.0)
      http-cookie (>= 1.0.2, < 2.0)
      mime-types (>= 1.16, < 3.0)
      netrc (~> 0.7)
    rinku (2.0.4)
    rmagick (2.16.0)
    ruby-progressbar (1.9.0)
    rye (0.9.13)
      annoy
      docile (>= 1.0.1)
      highline (>= 1.5.1)
      net-scp (>= 1.0.2)
      net-ssh (>= 2.0.13)
      sysinfo (>= 0.8.1)
    safe_yaml (1.0.4)
    sanitize (4.5.0)
      crass (~> 1.0.2)
      nokogiri (>= 1.4.4)
      nokogumbo (~> 1.4.1)
    sass (3.5.3)
      sass-listen (~> 4.0.0)
    sass-listen (4.0.0)
      rb-fsevent (~> 0.9, >= 0.9.4)
      rb-inotify (~> 0.9, >= 0.9.7)
    sax-machine (1.3.2)
    sequel (5.3.0)
    sequel_pg (1.8.0)
      pg (>= 0.18.0)
      sequel (>= 4.34.0)
    shotgun (0.9.2)
      rack (>= 1.0)
    sidekiq (4.1.4)
      concurrent-ruby (~> 1.0)
      connection_pool (~> 2.2, >= 2.2.0)
      redis (~> 3.2, >= 3.2.1)
      sinatra (>= 1.4.7)
    simplecov (0.15.1)
      docile (~> 1.1.0)
      json (>= 1.8, < 3)
      simplecov-html (~> 0.10.0)
    simplecov-html (0.10.2)
    simpleidn (0.0.9)
    sinatra (2.0.0)
      mustermann (~> 1.0)
      rack (~> 2.0)
      rack-protection (= 2.0.0)
      tilt (~> 2.0)
    sinatra-flash (0.3.0)
      sinatra (>= 1.0.0)
    sinatra-xsendfile (0.4.2)
      sinatra (>= 0.9.1)
    storable (0.8.9)
    stripe (1.15.0)
      json (~> 1.8.1)
      mime-types (>= 1.25, < 3.0)
      rest-client (~> 1.4)
    stripe-ruby-mock (2.0.1)
      dante (>= 0.2.0)
      jimson-temp
      stripe (>= 1.15.0)
    sysinfo (0.8.1)
      drydock
      storable
    term-ansicolor (1.6.0)
      tins (~> 1.0)
    thor (0.20.0)
    thread (0.2.2)
    thread_safe (0.3.6)
    tilt (2.0.8)
    timecop (0.9.1)
    tins (1.16.3)
    tzinfo (1.2.4)
      thread_safe (~> 0.1)
    unf (0.1.4)
      unf_ext
    unf_ext (0.0.7.4)
    uuidtools (2.1.5)
    webmock (3.1.1)
      addressable (>= 2.3.6)
      crack (>= 0.3.2)
      hashdiff
    websocket-driver (0.7.0)
      websocket-extensions (>= 0.1.0)
    websocket-extensions (0.1.3)
    will_paginate (3.1.6)
    xmlrpc (0.3.0)
    xpath (2.1.0)
      nokogiri (~> 1.3)
    zipruby (0.3.6)

PLATFORMS
  ruby

DEPENDENCIES
  acme-client
  activesupport
  addressable
  base32
  bcrypt
  capybara
  capybara_minitest_spec
  certified
  cocaine
  coveralls
  dav4rack!
  erubis
  fabrication
  facter
  faker
  feedjira
  filesize
  gandi
  geoip
  hiredis
  hoe (= 3.14.2)
  htmlentities
  http
  image_optim
  image_optim_pack
  io-extra
  ipaddress
  m
  magic
  mail
  minitest
  minitest-reporters
  mocha
  mock_redis
  monetize
  msgpack
  paypal-recurring
  pg
  poltergeist
  pry
  pry-byebug
  puma
  rack-cache
  rack-recaptcha
  rack-test
  rack_session_access
  rake
  redis
  redis-namespace
  rest-client
  rinku
  rmagick
  rye
  sanitize
  sass
  sequel
  sequel_pg
  shotgun
  sidekiq (~> 4.1.2)
  simplecov
  simpleidn
  sinatra (= 2.0.0)
  sinatra-flash
  sinatra-xsendfile
  stripe (= 1.15.0)
  stripe-ruby-mock (= 2.0.1)
  thread
  tilt
  timecop
  webmock
  will_paginate
  xmlrpc
  zipruby

BUNDLED WITH
   1.16.0
