GEM
  remote: https://rubygems.org/
  specs:
    addressable (2.3.4)
    ansi (1.4.3)
    bcrypt-ruby (3.0.1)
    builder (3.2.0)
    coderay (1.0.9)
    columnize (0.3.6)
    crack (0.3.2)
    debugger (1.6.0)
      columnize (>= 0.3.1)
      debugger-linecache (~> 1.2.0)
      debugger-ruby_core_source (~> 1.2.1)
    debugger-linecache (1.2.0)
    debugger-ruby_core_source (1.2.2)
    fabrication (2.7.1)
    faker (1.1.2)
      i18n (~> 0.5)
    hashie (2.0.5)
    hiredis (0.4.5)
    i18n (0.6.4)
    metaclass (0.0.1)
    method_source (0.8.1)
    minitest (4.7.4)
    minitest-reporters (0.14.19)
      ansi
      builder
      minitest (>= 2.12, < 5.0)
      powerbar
    mocha (0.14.0)
      metaclass (~> 0.0.1)
    multi_json (1.7.3)
    pg (0.15.1)
    powerbar (1.0.11)
      ansi (~> 1.4.0)
      hashie (>= 1.1.0)
    pry (0.9.12.2)
      coderay (~> 1.0.5)
      method_source (~> 0.8)
      slop (~> 3.4)
    pry-debugger (0.2.2)
      debugger (~> 1.3)
      pry (~> 0.9.10)
    puma (2.0.1)
      rack (>= 1.1, < 2.0)
    rack (1.5.2)
    rack-protection (1.5.0)
      rack
    rack-test (0.6.2)
      rack (>= 1.0)
    rake (10.0.4)
    redis (3.0.4)
    sequel (3.47.0)
    shotgun (0.9)
      rack (>= 1.0)
    simplecov (0.7.1)
      multi_json (~> 1.0)
      simplecov-html (~> 0.7.1)
    simplecov-html (0.7.1)
    sinatra (1.4.2)
      rack (~> 1.5, >= 1.5.2)
      rack-protection (~> 1.4)
      tilt (~> 1.3, >= 1.3.4)
    sinatra-flash (0.3.0)
      sinatra (>= 1.0.0)
    slim (1.3.9)
      temple (~> 0.6.3)
      tilt (~> 1.3, >= 1.3.3)
    slop (3.4.5)
    temple (0.6.5)
    tilt (1.4.1)
    webmock (1.11.0)
      addressable (>= 2.2.7)
      crack (>= 0.3.2)

PLATFORMS
  ruby

DEPENDENCIES
  bcrypt-ruby
  fabrication
  faker
  hiredis
  jdbc-postgres
  jruby-openssl
  json
  minitest
  minitest-reporters
  mocha
  pg
  pry
  pry-debugger
  puma
  rack-test
  rake
  redis
  ruby-debug
  sequel
  shotgun
  simplecov
  sinatra
  sinatra-flash
  slim
  webmock
